GEM
  specs:
    ansible (0.2.2)

PLATFORMS
  x86_64-linux

DEPENDENCIES
  ansible (~> 0.2.2)

BUNDLED WITH
   2.2.33
